GEM
  remote: http://rubygems.org/
  remote: http://localhost:8808/
  specs:
    builder (3.0.0)
    capybara (0.4.1.2)
      celerity (>= 0.7.9)
      culerity (>= 0.2.4)
      mime-types (>= 1.16)
      nokogiri (>= 1.3.3)
      rack (>= 1.0.0)
      rack-test (>= 0.5.4)
      selenium-webdriver (>= 0.0.27)
      xpath (~> 0.1.3)
    celerity (0.8.9)
    childprocess (0.1.8)
      ffi (~> 1.0.6)
    crack (0.1.8)
    cucumber (0.10.2)
      builder (>= 2.1.2)
      diff-lcs (>= 1.1.2)
      gherkin (>= 2.3.5)
      json (>= 1.4.6)
      term-ansicolor (>= 1.0.5)
    culerity (0.2.15)
    daemons (1.1.2)
    diff-lcs (1.1.2)
    eventmachine (1.0.0.beta.3)
    eventmachine (1.0.0.beta.3-x86-mingw32)
    ffi (1.0.7)
      rake (>= 0.8.7)
    ffi (1.0.7-x86-mingw32)
      rake (>= 0.8.7)
    gherkin (2.3.5)
      json (>= 1.4.6)
    gherkin (2.3.5-x86-mingw32)
      json (>= 1.4.6)
    haml (3.0.25)
    httparty (0.7.4)
      crack (= 0.1.8)
    json (1.5.1)
    json_pure (1.5.1)
    macaddr (1.0.0)
    mime-types (1.16)
    nokogiri (1.4.4)
    nokogiri (1.4.4-x86-mingw32)
    rack (1.2.2)
    rack-test (0.5.7)
      rack (>= 1.0)
    rake (0.8.7)
    rspec (2.5.0)
      rspec-core (~> 2.5.0)
      rspec-expectations (~> 2.5.0)
      rspec-mocks (~> 2.5.0)
    rspec-core (2.5.1)
    rspec-expectations (2.5.0)
      diff-lcs (~> 1.1.2)
    rspec-mocks (2.5.0)
    rubyzip (0.9.4)
    selenium-webdriver (0.1.4)
      childprocess (>= 0.1.7)
      ffi (>= 1.0.7)
      json_pure
      rubyzip
    sinatra (1.2.1)
      rack (~> 1.1)
      tilt (>= 1.2.2, < 2.0)
    term-ansicolor (1.0.5)
    thin (1.2.11)
      daemons (>= 1.0.9)
      rack (>= 1.0.0)
    thin (1.2.11-x86-mingw32)
      daemons (>= 1.0.9)
      eventmachine (>= 0.12.6)
      rack (>= 1.0.0)
    tilt (1.2.2)
    uuid (2.3.1)
      macaddr (~> 1.0)
    xpath (0.1.3)
      nokogiri (~> 1.3)

PLATFORMS
  ruby
  x86-mingw32

DEPENDENCIES
  capybara
  cucumber
  eventmachine (= 1.0.0.beta.3)
  haml
  httparty
  rack-test
  rspec
  sinatra
  thin
  uuid
